GIT
  remote: git://github.com/ingilniero/crowdblog.git
  revision: 13aac3bf20ccbda9401a913f768086d32dc9b37f
  branch: pagination
  specs:
    crowdblog (0.3.2)
      carrierwave
      gravtastic
      jbuilder
      jquery-rails
      kaminari
      rails (~> 3.2)
      redcarpet
      slim
      state_machine
      strong_parameters

GEM
  remote: https://rubygems.org/
  specs:
    POpen4 (0.1.4)
      Platform (>= 0.4.0)
      open4
    Platform (0.4.0)
    actionmailer (3.2.13)
      actionpack (= 3.2.13)
      mail (~> 2.5.3)
    actionpack (3.2.13)
      activemodel (= 3.2.13)
      activesupport (= 3.2.13)
      builder (~> 3.0.0)
      erubis (~> 2.7.0)
      journey (~> 1.0.4)
      rack (~> 1.4.5)
      rack-cache (~> 1.2)
      rack-test (~> 0.6.1)
      sprockets (~> 2.2.1)
    activemodel (3.2.13)
      activesupport (= 3.2.13)
      builder (~> 3.0.0)
    activerecord (3.2.13)
      activemodel (= 3.2.13)
      activesupport (= 3.2.13)
      arel (~> 3.0.2)
      tzinfo (~> 0.3.29)
    activeresource (3.2.13)
      activemodel (= 3.2.13)
      activesupport (= 3.2.13)
    activesupport (3.2.13)
      i18n (= 0.6.1)
      multi_json (~> 1.0)
    addressable (2.3.3)
    arel (3.0.2)
    bcrypt-ruby (3.0.1)
    builder (3.0.4)
    capistrano (2.14.2)
      highline
      net-scp (>= 1.0.0)
      net-sftp (>= 2.0.0)
      net-ssh (>= 2.0.14)
      net-ssh-gateway (>= 1.1.0)
    capistrano-platform-resources (0.1.2)
      capistrano
    capistrano-rbenv (1.0.3)
      capistrano
      capistrano-platform-resources (>= 0.1.0)
    capistrano-unicorn (0.1.7)
      capistrano
    capybara (2.0.2)
      mime-types (>= 1.16)
      nokogiri (>= 1.3.3)
      rack (>= 1.0.0)
      rack-test (>= 0.5.4)
      selenium-webdriver (~> 2.0)
      xpath (~> 1.0.0)
    capybara-webkit (0.14.2)
      capybara (~> 2.0, >= 2.0.2)
      json
    carrierwave (0.8.0)
      activemodel (>= 3.2.0)
      activesupport (>= 3.2.0)
    childprocess (0.3.9)
      ffi (~> 1.0, >= 1.0.11)
    coffee-rails (3.2.2)
      coffee-script (>= 2.2.0)
      railties (~> 3.2.0)
    coffee-script (2.2.0)
      coffee-script-source
      execjs
    coffee-script-source (1.6.1)
    commonjs (0.2.6)
    crowdint_auth (0.0.3)
      devise
      omniauth-google-apps
      rails (~> 3.2.8)
    cucumber (1.1.4)
      builder (>= 2.1.2)
      diff-lcs (>= 1.1.2)
      gherkin (~> 2.7.1)
      json (>= 1.4.6)
      term-ansicolor (>= 1.0.6)
    cucumber-ajaxer (0.0.4)
      cucumber
    cucumber-debug (0.0.1)
      cucumber-rails
      launchy
    cucumber-rails (1.2.1)
      capybara (>= 1.1.2)
      cucumber (>= 1.1.3)
      nokogiri (>= 1.5.0)
    dalli (2.6.2)
    database_cleaner (0.9.1)
    devise (2.2.3)
      bcrypt-ruby (~> 3.0)
      orm_adapter (~> 0.1)
      railties (~> 3.1)
      warden (~> 1.2.1)
    diff-lcs (1.2.1)
    dropbox-sdk (1.5.1)
      json
    erubis (2.7.0)
    excon (0.20.0)
    execjs (1.4.0)
      multi_json (~> 1.0)
    ffi (1.4.0)
    fog (1.10.0)
      builder
      excon (~> 0.14)
      formatador (~> 0.2.0)
      mime-types
      multi_json (~> 1.0)
      net-scp (~> 1.1)
      net-ssh (>= 2.1.3)
      nokogiri (~> 1.5.0)
      ruby-hmac
    formatador (0.2.4)
    gherkin (2.7.7)
      json (>= 1.4.6)
    gravtastic (3.2.6)
    hashie (1.2.0)
    highline (1.6.16)
    hike (1.2.1)
    i18n (0.6.1)
    jbuilder (1.3.0)
      activesupport (>= 3.0.0)
      multi_json (>= 1.2.0)
    journey (1.0.4)
    jquery-rails (2.2.1)
      railties (>= 3.0, < 5.0)
      thor (>= 0.14, < 2.0)
    json (1.7.7)
    kaminari (0.14.1)
      actionpack (>= 3.0.0)
      activesupport (>= 3.0.0)
    kgio (2.8.0)
    launchy (2.2.0)
      addressable (~> 2.3)
    less (2.2.2)
      commonjs (~> 0.2.6)
    less-rails (2.2.6)
      actionpack (>= 3.1)
      less (~> 2.2.0)
    less-rails-bootstrap (2.1.1)
      less-rails (~> 2.2.0)
    libv8 (3.11.8.13)
    mail (2.5.3)
      i18n (>= 0.4.0)
      mime-types (~> 1.16)
      treetop (~> 1.4.8)
    meta_request (0.2.3)
      rack-contrib
      railties
    mime-types (1.21)
    multi_json (1.7.1)
    net-scp (1.1.0)
      net-ssh (>= 2.6.5)
    net-sftp (2.1.1)
      net-ssh (>= 2.6.5)
    net-ssh (2.6.6)
    net-ssh-gateway (1.2.0)
      net-ssh (>= 2.6.5)
    newrelic_rpm (3.5.8.72)
    nokogiri (1.5.6)
    omniauth (1.1.3)
      hashie (~> 1.2)
      rack
    omniauth-google-apps (0.0.2)
      omniauth (~> 1.0)
      omniauth-openid (~> 1.0)
      ruby-openid-apps-discovery (~> 1.2.0)
    omniauth-openid (1.0.1)
      omniauth (~> 1.0)
      rack-openid (~> 1.3.1)
    open4 (1.3.0)
    orm_adapter (0.4.0)
    pg (0.14.1)
    polyglot (0.3.3)
    pr_geohash (1.0.0)
    quiet_assets (1.0.2)
      railties (>= 3.1, < 5.0)
    rack (1.4.5)
    rack-cache (1.2)
      rack (>= 0.4)
    rack-contrib (1.1.0)
      rack (>= 0.9.1)
    rack-openid (1.3.1)
      rack (>= 1.1.0)
      ruby-openid (>= 2.1.8)
    rack-ssl (1.3.3)
      rack
    rack-test (0.6.2)
      rack (>= 1.0)
    rails (3.2.13)
      actionmailer (= 3.2.13)
      actionpack (= 3.2.13)
      activerecord (= 3.2.13)
      activeresource (= 3.2.13)
      activesupport (= 3.2.13)
      bundler (~> 1.0)
      railties (= 3.2.13)
    railties (3.2.13)
      actionpack (= 3.2.13)
      activesupport (= 3.2.13)
      rack-ssl (~> 1.3.2)
      rake (>= 0.8.7)
      rdoc (~> 3.4)
      thor (>= 0.14.6, < 2.0)
    raindrops (0.10.0)
    rake (10.0.3)
    rdoc (3.12.2)
      json (~> 1.4)
    redcarpet (2.2.2)
    ref (1.0.3)
    rest-client (1.6.7)
      mime-types (>= 1.16)
    rsolr (1.0.8)
      builder (>= 2.1.2)
    rspec-core (2.13.1)
    rspec-expectations (2.13.0)
      diff-lcs (>= 1.1.3, < 2.0)
    rspec-mocks (2.13.0)
    rspec-rails (2.13.0)
      actionpack (>= 3.0)
      activesupport (>= 3.0)
      railties (>= 3.0)
      rspec-core (~> 2.13.0)
      rspec-expectations (~> 2.13.0)
      rspec-mocks (~> 2.13.0)
    ruby-hmac (0.4.0)
    ruby-openid (2.2.3)
    ruby-openid-apps-discovery (1.2.0)
      ruby-openid (>= 2.1.7)
    rubyzip (0.9.9)
    sass (3.2.7)
    sass-rails (3.2.6)
      railties (~> 3.2.0)
      sass (>= 3.1.10)
      tilt (~> 1.3)
    selenium-webdriver (2.31.0)
      childprocess (>= 0.2.5)
      multi_json (~> 1.0)
      rubyzip
      websocket (~> 1.0.4)
    sequel (3.20.0)
    sinatra (1.0)
      rack (>= 1.0)
    slim (1.3.8)
      temple (~> 0.6.3)
      tilt (~> 1.3.3)
    spork (0.9.2)
    sprockets (2.2.2)
      hike (~> 1.2)
      multi_json (~> 1.0)
      rack (~> 1.0)
      tilt (~> 1.1, != 1.3.0)
    sqlite3 (1.3.7)
    state_machine (1.2.0)
    strong_parameters (0.2.0)
      actionpack (~> 3.0)
      activemodel (~> 3.0)
      railties (~> 3.0)
    sunspot (2.0.0)
      pr_geohash (~> 1.0)
      rsolr (~> 1.0.7)
    sunspot_rails (2.0.0)
      nokogiri
      sunspot (= 2.0.0)
    sunspot_solr (2.0.0)
    taps (0.3.24)
      rack (>= 1.0.1)
      rest-client (>= 1.4.0, < 1.7.0)
      sequel (~> 3.20.0)
      sinatra (~> 1.0.0)
    temple (0.6.4)
    term-ansicolor (1.1.1)
    therubyracer (0.11.4)
      libv8 (~> 3.11.8.12)
      ref
    thor (0.17.0)
    tilt (1.3.6)
    treetop (1.4.12)
      polyglot
      polyglot (>= 0.3.1)
    tzinfo (0.3.37)
    uglifier (1.3.0)
      execjs (>= 0.3.0)
      multi_json (~> 1.0, >= 1.0.2)
    unicorn (4.6.2)
      kgio (~> 2.6)
      rack
      raindrops (~> 0.7)
    warden (1.2.1)
      rack (>= 1.0)
    websocket (1.0.7)
    xpath (1.0.0)
      nokogiri (~> 1.3)
    yui-compressor (0.9.6)
      POpen4 (>= 0.1.4)

PLATFORMS
  ruby

DEPENDENCIES
  capistrano
  capistrano-rbenv
  capistrano-unicorn
  capybara-webkit
  coffee-rails (~> 3.2.1)
  crowdblog!
  crowdint_auth (~> 0.0.3)
  cucumber (= 1.1.4)
  cucumber-ajaxer
  cucumber-debug
  cucumber-rails
  dalli
  database_cleaner
  devise
  dropbox-sdk
  fog
  gravtastic
  jquery-rails
  kaminari
  launchy
  less-rails-bootstrap (~> 2.1.1)
  meta_request
  newrelic_rpm
  pg
  quiet_assets
  rails (= 3.2.13)
  rspec-rails
  sass-rails (~> 3.2.3)
  spork
  sqlite3
  sunspot_rails
  sunspot_solr
  taps
  therubyracer
  uglifier (>= 1.0.3)
  unicorn
  yui-compressor
